PATH
  remote: .
  specs:
    threaded (0.0.1)

GEM
  remote: https://rubygems.org/
  specs:
    metaclass (0.0.2)
    mocha (1.0.0)
      metaclass (~> 0.0.1)
    rake (10.1.1)

PLATFORMS
  ruby

DEPENDENCIES
  mocha
  rake
  threaded!
